PATH
  remote: .
  specs:
    peddler-ratelimited (1.0.4)
      peddler (= 1.6.1)
      ratelimit (~> 1.0)
      resque (~> 1.27)
      resque-retry (~> 1.5)
      resque-scheduler (~> 4.3)
      simple_spark (~> 1.0)

GEM
  remote: https://rubygems.org/
  specs:
    dig_rb (1.0.1)
    et-orbi (1.0.5)
      tzinfo
    excon (0.58.0)
    jeff (2.0.0)
      excon (>= 0.22.1)
    json (1.8.6)
    mono_logger (1.1.0)
    multi_json (1.12.1)
    multi_xml (0.6.0)
    mustermann (1.0.1)
    peddler (1.6.1)
      dig_rb (~> 1.0)
      excon (>= 0.50.0)
      jeff (>= 1.5.2, < 3.0)
      multi_xml (>= 0.5.0)
    rack (2.0.3)
    rack-protection (2.0.0)
      rack
    ratelimit (1.0.3)
      redis (>= 2.0.0)
      redis-namespace (>= 1.0.0)
    redis (3.3.3)
    redis-namespace (1.5.3)
      redis (~> 3.0, >= 3.0.4)
    resque (1.27.4)
      mono_logger (~> 1.0)
      multi_json (~> 1.0)
      redis-namespace (~> 1.3)
      sinatra (>= 0.9.2)
      vegas (~> 0.1.2)
    resque-retry (1.5.0)
      resque (~> 1.25)
      resque-scheduler (~> 4.0)
    resque-scheduler (4.3.0)
      mono_logger (~> 1.0)
      redis (~> 3.3)
      resque (~> 1.26)
      rufus-scheduler (~> 3.2)
    rufus-scheduler (3.4.2)
      et-orbi (~> 1.0)
    simple_spark (1.0.6)
      excon (>= 0.16.0, < 1.0)
      json (>= 1.7.7, < 2.0)
    sinatra (2.0.0)
      mustermann (~> 1.0)
      rack (~> 2.0)
      rack-protection (= 2.0.0)
      tilt (~> 2.0)
    thread_safe (0.3.6)
    tilt (2.0.8)
    tzinfo (1.2.3)
      thread_safe (~> 0.1)
    vegas (0.1.11)
      rack (>= 1.0.0)

PLATFORMS
  ruby

DEPENDENCIES
  peddler-ratelimited!

BUNDLED WITH
   1.12.5
